GEM
  remote: https://rubygems.org/
  specs:
    builder (3.2.3)
    coderay (1.1.1)
    dotenv (2.2.0)
    jwt (1.5.6)
    method_source (0.8.2)
    multi_json (1.12.1)
    pg (0.20.0)
    pry (0.10.4)
      coderay (~> 1.1.0)
      method_source (~> 0.8.1)
      slop (~> 3.4)
    rack (1.6.5)
    rack-protection (1.5.3)
      rack
    sinatra (1.4.8)
      rack (~> 1.5)
      rack-protection (~> 1.4)
      tilt (>= 1.3, < 3)
    sinatra-cross_origin (0.4.0)
    slop (3.6.0)
    tilt (2.0.7)
    twilio-ruby (4.13.0)
      builder (>= 2.1.2)
      jwt (~> 1.0)
      multi_json (>= 1.3.0)

PLATFORMS
  ruby

DEPENDENCIES
  dotenv
  pg
  pry
  sinatra
  sinatra-cross_origin
  twilio-ruby

RUBY VERSION
   ruby 2.2.3p173

BUNDLED WITH
   1.13.6
