GEM
  remote: https://rubygems.org/
  specs:
    addressable (2.4.0)
    backports (3.6.8)
    builder (3.2.3)
    coderay (1.1.1)
    crack (0.4.3)
      safe_yaml (~> 1.0.0)
    diff-lcs (1.2.5)
    dotenv (2.2.0)
    hashdiff (0.3.0)
    jwt (1.5.6)
    method_source (0.8.2)
    mini_portile2 (2.1.0)
    multi_json (1.12.1)
    nokogiri (1.6.8)
      mini_portile2 (~> 2.1.0)
      pkg-config (~> 1.1.7)
    pg (0.19.0)
    pkg-config (1.1.7)
    pry (0.10.4)
      coderay (~> 1.1.0)
      method_source (~> 0.8.1)
      slop (~> 3.4)
    rack (1.6.4)
    rack-protection (1.5.3)
      rack
    rack-test (0.6.3)
      rack (>= 1.0)
    rspec (3.5.0)
      rspec-core (~> 3.5.0)
      rspec-expectations (~> 3.5.0)
      rspec-mocks (~> 3.5.0)
    rspec-core (3.5.2)
      rspec-support (~> 3.5.0)
    rspec-expectations (3.5.0)
      diff-lcs (>= 1.2.0, < 2.0)
      rspec-support (~> 3.5.0)
    rspec-mocks (3.5.0)
      diff-lcs (>= 1.2.0, < 2.0)
      rspec-support (~> 3.5.0)
    rspec-support (3.5.0)
    safe_yaml (1.0.4)
    sinatra (1.4.7)
      rack (~> 1.5)
      rack-protection (~> 1.4)
      tilt (>= 1.3, < 3)
    sinatra-contrib (1.4.7)
      backports (>= 2.0)
      multi_json
      rack-protection
      rack-test
      sinatra (~> 1.4.0)
      tilt (>= 1.3, < 3)
    sinatra-cross_origin (0.4.0)
    slop (3.6.0)
    tilt (2.0.5)
    twilio-ruby (4.13.0)
      builder (>= 2.1.2)
      jwt (~> 1.0)
      multi_json (>= 1.3.0)
    vcr (2.9.3)
    webmock (1.24.6)
      addressable (>= 2.3.6)
      crack (>= 0.3.2)
      hashdiff

PLATFORMS
  ruby

DEPENDENCIES
  dotenv
  nokogiri
  pg
  pry
  rspec
  sinatra
  sinatra-contrib
  sinatra-cross_origin
  twilio-ruby
  vcr
  webmock

RUBY VERSION
   ruby 2.2.3p173

BUNDLED WITH
   1.13.6
